GIT
  remote: git://github.com/ruby-amqp/amq-protocol.git
  revision: bbedc02d572aedde988e053761816759d61d6cb6
  branch: master
  specs:
    amq-protocol (0.0.1)

GIT
  remote: git://github.com/ruby-amqp/evented-spec.git
  revision: f3c962b454767c540d7bbfcc18e59bbf1ecf05a9
  branch: master
  specs:
    evented-spec (0.4.0)
      bundler (>= 1.0.0)

GEM
  remote: http://rubygems.org/
  specs:
    RedCloth (4.2.7)
    RedCloth (4.2.7-java)
    ZenTest (4.5.0)
    autotest (4.4.6)
      ZenTest (>= 4.4.1)
    contributors (0.1.2)
    cool.io (1.0.0)
      iobuffer (>= 0.1.3)
    diff-lcs (1.1.2)
    eventmachine (0.12.10)
    eventmachine (0.12.10-java)
    iobuffer (1.0.0)
    nake (0.0.8)
      term-ansicolor
    perftools.rb (0.5.6)
    rspec (2.5.0)
      rspec-core (~> 2.5.0)
      rspec-expectations (~> 2.5.0)
      rspec-mocks (~> 2.5.0)
    rspec-core (2.5.1)
    rspec-expectations (2.5.0)
      diff-lcs (~> 1.1.2)
    rspec-mocks (2.5.0)
    term-ansicolor (1.0.5)
    yard (0.6.5)

PLATFORMS
  java
  ruby

DEPENDENCIES
  RedCloth
  amq-protocol!
  autotest
  contributors
  cool.io
  evented-spec!
  eventmachine (= 0.12.10)
  nake
  perftools.rb
  rspec (>= 2.0.0)
  yard
