GIT
  remote: git://github.com/ruby-amqp/amq-protocol.git
  revision: df7638d597efbc4f0faf30962e8e6077d109954a
  specs:
    amq-protocol (0.0.1)

GEM
  remote: http://gemcutter.org/
  specs:
    diff-lcs (1.1.2)
    rspec (2.5.0)
      rspec-core (~> 2.5.0)
      rspec-expectations (~> 2.5.0)
      rspec-mocks (~> 2.5.0)
    rspec-core (2.5.1)
    rspec-expectations (2.5.0)
      diff-lcs (~> 1.1.2)
    rspec-mocks (2.5.0)

PLATFORMS
  ruby

DEPENDENCIES
  amq-protocol!
  rspec (>= 2.0.0)
