PATH
  remote: vendor/amq-protocol
  specs:
    amq-protocol (0.0.1)

GEM
  remote: http://gemcutter.org/
  specs:
    diff-lcs (1.1.2)
    rspec (2.5.0)
      rspec-core (~> 2.5.0)
      rspec-expectations (~> 2.5.0)
      rspec-mocks (~> 2.5.0)
    rspec-core (2.5.1)
    rspec-expectations (2.5.0)
      diff-lcs (~> 1.1.2)
    rspec-mocks (2.5.0)

PLATFORMS
  ruby

DEPENDENCIES
  amq-protocol!
  rspec (>= 2.0.0)
