GIT
  remote: git://github.com/ruby-amqp/amq-protocol.git
  revision: 486b21575ace38b1c6ac55ea154d7de5ab8ae914
  specs:
    amq-protocol (0.0.1)

GEM
  remote: http://gemcutter.org/
  specs:
    RedCloth (4.2.7)
    ZenTest (4.5.0)
    autotest (4.4.6)
      ZenTest (>= 4.4.1)
    diff-lcs (1.1.2)
    eventmachine (0.12.10)
    rspec (2.5.0)
      rspec-core (~> 2.5.0)
      rspec-expectations (~> 2.5.0)
      rspec-mocks (~> 2.5.0)
    rspec-core (2.5.1)
    rspec-expectations (2.5.0)
      diff-lcs (~> 1.1.2)
    rspec-mocks (2.5.0)
    yard (0.6.4)

PLATFORMS
  ruby

DEPENDENCIES
  RedCloth
  amq-protocol!
  autotest
  eventmachine
  rspec (>= 2.0.0)
  yard
